PATH
  remote: .
  specs:
    grapevine (0.1.0)
      OptionParser (~> 0.5.1)
      daemons (~> 1.1.0)

PATH
  remote: /projects/benbjohnson/topsy
  specs:
    topsy (0.3.2)
      hashie (>= 0.1.3)
      httparty (>= 0.4.5)

GEM
  remote: http://rubygems.org/
  specs:
    OptionParser (0.5.1)
    crack (0.1.8)
    daemons (1.1.0)
    hashie (0.4.0)
    httparty (0.6.1)
      crack (= 0.1.8)
    minitest (1.7.2)
    mocha (0.9.10)
      rake
    rake (0.8.7)

PLATFORMS
  ruby

DEPENDENCIES
  OptionParser (~> 0.5.1)
  daemons (~> 1.1.0)
  grapevine!
  minitest (~> 1.7.0)
  mocha (~> 0.9.8)
  rake (~> 0.8.3)
  topsy!
