PATH
  remote: .
  specs:
    grapevine (0.1.0)
      OptionParser (~> 0.5.1)
      daemons (~> 1.1.0)
      data_mapper (~> 1.0.2)
      dm-sqlite-adapter (~> 1.0.2)
      dm-tags (~> 1.0.2)
      octopi (~> 0.4.0)

PATH
  remote: /projects/benbjohnson/topsy
  specs:
    topsy (0.3.2)
      hashie (>= 0.1.3)
      httparty (>= 0.4.5)

GEM
  remote: http://rubygems.org/
  specs:
    OptionParser (0.5.1)
    addressable (2.2.2)
    api_cache (0.2.0)
    crack (0.1.8)
    daemons (1.1.0)
    data_mapper (1.0.2)
      dm-aggregates (= 1.0.2)
      dm-constraints (= 1.0.2)
      dm-core (= 1.0.2)
      dm-migrations (= 1.0.2)
      dm-serializer (= 1.0.2)
      dm-timestamps (= 1.0.2)
      dm-transactions (= 1.0.2)
      dm-types (= 1.0.2)
      dm-validations (= 1.0.2)
    data_objects (0.10.2)
      addressable (~> 2.1)
    diff-lcs (1.1.2)
    dm-aggregates (1.0.2)
      dm-core (~> 1.0.2)
    dm-constraints (1.0.2)
      dm-core (~> 1.0.2)
      dm-migrations (~> 1.0.2)
    dm-core (1.0.2)
      addressable (~> 2.2)
      extlib (~> 0.9.15)
    dm-do-adapter (1.0.2)
      data_objects (~> 0.10.2)
      dm-core (~> 1.0.2)
    dm-migrations (1.0.2)
      dm-core (~> 1.0.2)
    dm-serializer (1.0.2)
      dm-core (~> 1.0.2)
      fastercsv (~> 1.5.3)
      json_pure (~> 1.4)
    dm-sqlite-adapter (1.0.2)
      dm-do-adapter (~> 1.0.2)
      do_sqlite3 (~> 0.10.2)
    dm-tags (1.0.2)
      dm-core (~> 1.0.2)
    dm-timestamps (1.0.2)
      dm-core (~> 1.0.2)
    dm-transactions (1.0.2)
      dm-core (~> 1.0.2)
    dm-types (1.0.2)
      dm-core (~> 1.0.2)
      fastercsv (~> 1.5.3)
      json_pure (~> 1.4)
      stringex (~> 1.1.0)
      uuidtools (~> 2.1.1)
    dm-validations (1.0.2)
      dm-core (~> 1.0.2)
    do_sqlite3 (0.10.2)
      data_objects (= 0.10.2)
    extlib (0.9.15)
    fakeweb (1.3.0)
    fastercsv (1.5.3)
    hashie (0.4.0)
    httparty (0.6.1)
      crack (= 0.1.8)
    json_pure (1.4.6)
    mechanize (1.0.0)
      nokogiri (>= 1.2.1)
    nokogiri (1.4.4)
    octopi (0.4.0)
      api_cache
      httparty (>= 0.4.5)
      mechanize (>= 0.9.3)
      nokogiri (>= 1.3.1)
    rspec (2.4.0)
      rspec-core (~> 2.4.0)
      rspec-expectations (~> 2.4.0)
      rspec-mocks (~> 2.4.0)
    rspec-core (2.4.0)
    rspec-expectations (2.4.0)
      diff-lcs (~> 1.1.2)
    rspec-mocks (2.4.0)
    stringex (1.1.0)
    uuidtools (2.1.1)

PLATFORMS
  ruby

DEPENDENCIES
  OptionParser (~> 0.5.1)
  daemons (~> 1.1.0)
  data_mapper (~> 1.0.2)
  dm-sqlite-adapter (~> 1.0.2)
  dm-tags (~> 1.0.2)
  fakeweb (~> 1.3.0)
  grapevine!
  octopi (~> 0.4.0)
  rspec (~> 2.4.0)
  topsy!
